GEM
  remote: https://rubygems.org/
  specs:
    debase (0.2.1)
      debase-ruby_core_source
    debase-ruby_core_source (0.9.1)
    minitest (5.9.0)
    rake (11.1.2)
    ruby-debug-ide (0.6.0)
      rake (>= 0.8.1)

PLATFORMS
  ruby

DEPENDENCIES
  debase (= 0.2.1)
  minitest (= 5.9.0)
  rake (= 11.1.2)
  ruby-debug-ide (= 0.6.0)

BUNDLED WITH
   1.12.5
